GIT
  remote: git://github.com/ruby/mspec.git
  revision: 70f193931b17facc7984856762111fafb20a1efb
  specs:
    mspec (1.8.0)

GEM
  remote: https://rubygems.org/
  specs:

PLATFORMS
  ruby

DEPENDENCIES
  mspec!

BUNDLED WITH
   1.10.4
